GEM
  remote: https://rubygems.org/
  specs:
    backports (3.18.1)
    berbix (0.0.10)
    multi_json (1.15.0)
    mustermann (1.1.1)
      ruby2_keywords (~> 0.0.1)
    namey (0.0.12)
      sequel (~> 4.48)
      sqlite3
    rack (2.2.3)
    rack-protection (2.0.8.1)
      rack
    ruby2_keywords (0.0.2)
    sequel (4.49.0)
    sinatra (2.0.8.1)
      mustermann (~> 1.0)
      rack (~> 2.0)
      rack-protection (= 2.0.8.1)
      tilt (~> 2.0)
    sinatra-contrib (2.0.8.1)
      backports (>= 2.8.2)
      multi_json
      mustermann (~> 1.0)
      rack-protection (= 2.0.8.1)
      sinatra (= 2.0.8.1)
      tilt (~> 2.0)
    sqlite3 (1.4.2)
    tilt (2.0.10)

PLATFORMS
  ruby

DEPENDENCIES
  berbix (= 0.0.10)
  namey (>= 0.0.12)
  sinatra (= 2.0.8.1)
  sinatra-contrib (= 2.0.8.1)

BUNDLED WITH
   2.0.2
