GEM
  remote: https://rubygems.org/
  specs:
    backports (3.15.0)
    berbix (0.0.5)
    multi_json (1.14.1)
    mustermann (1.0.3)
    namey (0.0.12)
      sequel (~> 4.48)
      sqlite3
    rack (2.0.7)
    rack-protection (2.0.7)
      rack
    sequel (4.49.0)
    sinatra (2.0.7)
      mustermann (~> 1.0)
      rack (~> 2.0)
      rack-protection (= 2.0.7)
      tilt (~> 2.0)
    sinatra-contrib (2.0.7)
      backports (>= 2.8.2)
      multi_json
      mustermann (~> 1.0)
      rack-protection (= 2.0.7)
      sinatra (= 2.0.7)
      tilt (~> 2.0)
    sqlite3 (1.4.1)
    tilt (2.0.10)

PLATFORMS
  ruby

DEPENDENCIES
  berbix (= 0.0.5)
  namey (>= 0.0.12)
  sinatra (= 2.0.7)
  sinatra-contrib (= 2.0.7)

BUNDLED WITH
   2.0.2
